GEM
  remote: https://rubygems.org/
  specs:
    algorithms (1.0.1)

PLATFORMS
  arm64-darwin-23
  ruby

DEPENDENCIES
  algorithms

BUNDLED WITH
   2.5.1
